GEM
  remote: https://rubygems.org/
  specs:
    rake (10.5.0)
    redpen (0.1.0)

PLATFORMS
  ruby

DEPENDENCIES
  rake
  redpen

BUNDLED WITH
   1.11.2
